GEM
  remote: http://rubygems.org/
  specs:
    active_support (3.0.0)
      activesupport (= 3.0.0)
    activesupport (3.0.0)
    addressable (2.2.8)
    ansi (1.4.2)
    crack (0.3.1)
    diff-lcs (1.1.3)
    ffi (1.0.11)
    flog (2.5.3)
      ruby_parser (~> 2.0)
      sexp_processor (~> 3.0)
    growl (1.0.3)
    guard (1.0.3)
      ffi (>= 0.5.0)
      thor (>= 0.14.6)
    guard-rspec (0.7.3)
      guard (>= 0.10.0)
    httparty (0.8.3)
      multi_json (~> 1.0)
      multi_xml
    libnotify (0.7.2)
    minitest (3.0.1)
    multi_json (1.3.6)
    multi_xml (0.5.1)
    rake (0.9.2.2)
    rb-inotify (0.8.8)
      ffi (>= 0.5.0)
    rdiscount (1.6.8)
    rspec (2.10.0)
      rspec-core (~> 2.10.0)
      rspec-expectations (~> 2.10.0)
      rspec-mocks (~> 2.10.0)
    rspec-core (2.10.1)
    rspec-expectations (2.10.0)
      diff-lcs (~> 1.1.3)
    rspec-mocks (2.10.1)
    ruby_parser (2.3.1)
      sexp_processor (~> 3.0)
    sexp_processor (3.2.0)
    simplecov (0.6.4)
      multi_json (~> 1.0)
      simplecov-html (~> 0.5.3)
    simplecov-html (0.5.3)
    simplecov-rcov (0.2.3)
      simplecov (>= 0.4.1)
    thor (0.15.2)
    turn (0.9.5)
      ansi
    vcr (2.2.0)
    webmock (1.8.7)
      addressable (>= 2.2.7)
      crack (>= 0.1.7)
    yard (0.8.1)

PLATFORMS
  ruby

DEPENDENCIES
  active_support
  flog
  growl
  guard
  guard-rspec
  httparty
  libnotify
  minitest
  rake
  rb-inotify
  rdiscount
  rspec
  simplecov
  simplecov-rcov
  turn
  vcr
  webmock
  yard
