GEM
  remote: http://gems.mobme.in/
  remote: http://rubygems.org/
  specs:
    builder (3.0.0)
    ci_reporter (1.7.0)
      builder (>= 2.1.2)
    diff-lcs (1.1.3)
    ffi (1.0.11)
    flog (2.5.3)
      ruby_parser (~> 2.0)
      sexp_processor (~> 3.0)
    growl (1.0.3)
    guard (1.0.3)
      ffi (>= 0.5.0)
      thor (>= 0.14.6)
    guard-rspec (0.7.3)
      guard (>= 0.10.0)
    libnotify (0.7.2)
    multi_json (1.3.6)
    rake (0.9.2.2)
    rb-inotify (0.8.8)
      ffi (>= 0.5.0)
    rdiscount (1.6.8)
    rspec (2.10.0)
      rspec-core (~> 2.10.0)
      rspec-expectations (~> 2.10.0)
      rspec-mocks (~> 2.10.0)
    rspec-core (2.10.1)
    rspec-expectations (2.10.0)
      diff-lcs (~> 1.1.3)
    rspec-mocks (2.10.1)
    ruby_parser (2.3.1)
      sexp_processor (~> 3.0)
    sexp_processor (3.2.0)
    simplecov (0.6.4)
      multi_json (~> 1.0)
      simplecov-html (~> 0.5.3)
    simplecov-html (0.5.3)
    simplecov-rcov (0.2.3)
      simplecov (>= 0.4.1)
    thor (0.15.2)
    yard (0.8.1)

PLATFORMS
  ruby

DEPENDENCIES
  ci_reporter
  flog
  growl
  guard
  guard-rspec
  libnotify
  rake
  rb-inotify
  rdiscount
  rspec
  simplecov
  simplecov-rcov
  yard
